GEM
  remote: https://rubygems.org/
  specs:
    rake (0.9.2)
    sass (3.1.3)

PLATFORMS
  ruby

DEPENDENCIES
  rake
  sass
